GEM
  remote: https://rubygems.org/
  specs:
    activesupport (4.2.4)
      i18n (~> 0.7)
      json (~> 1.7, >= 1.7.7)
      minitest (~> 5.1)
      thread_safe (~> 0.3, >= 0.3.4)
      tzinfo (~> 1.1)
    colorize (0.7.7)
    eventmachine (1.0.8)
    faye-websocket (0.10.0)
      eventmachine (>= 0.12.0)
      websocket-driver (>= 0.5.1)
    file-append (0.0.1)
    httparty (0.13.3)
      json (~> 1.8)
      multi_xml (>= 0.5.2)
    i18n (0.7.0)
    json (1.8.3)
    minitest (5.8.1)
    multi_xml (0.5.5)
    ptools (1.3.3)
    slackbot_frd (0.1.4)
      activesupport (~> 4.2)
      colorize (~> 0.7)
      faye-websocket (~> 0.9)
      file-append (~> 0.0)
      httparty (= 0.13.3)
      json (~> 1.8)
      ptools (~> 1.3)
      thor (~> 0.19)
    thor (0.19.1)
    thread_safe (0.3.5)
    tzinfo (1.2.2)
      thread_safe (~> 0.1)
    websocket-driver (0.6.2)
      websocket-extensions (>= 0.1.0)
    websocket-extensions (0.1.2)

PLATFORMS
  ruby

DEPENDENCIES
  slackbot_frd

BUNDLED WITH
   1.10.6
